GEM
  remote: https://rubygems.org/
  specs:
    addressable (2.7.0)
      public_suffix (>= 2.0.2, < 5.0)
    ast (2.4.2)
    axiom-types (0.1.1)
      descendants_tracker (~> 0.0.4)
      ice_nine (~> 0.11.0)
      thread_safe (~> 0.3, >= 0.3.1)
    coercible (1.0.0)
      descendants_tracker (~> 0.0.1)
    descendants_tracker (0.0.4)
      thread_safe (~> 0.3, >= 0.3.1)
    docile (1.3.5)
    equalizer (0.0.11)
    erubis (2.7.0)
    flay (2.12.1)
      erubis (~> 2.7.0)
      path_expander (~> 1.0)
      ruby_parser (~> 3.0)
      sexp_processor (~> 4.0)
    flog (4.6.4)
      path_expander (~> 1.0)
      ruby_parser (~> 3.1, > 3.1.0)
      sexp_processor (~> 4.8)
    hoe (3.22.3)
      rake (>= 0.8, < 15.0)
    ice_nine (0.11.2)
    json (2.5.1)
    kwalify (0.7.2)
    launchy (2.5.0)
      addressable (~> 2.7)
    minitest (5.14.3)
    minitest-spec-context (0.0.4)
    mixlib-cli (2.1.8)
    parallel (1.20.1)
    parser (3.0.0.0)
      ast (~> 2.4.1)
    path_expander (1.1.0)
    psych (3.3.0)
    public_suffix (4.0.6)
    rainbow (3.0.0)
    rake (13.0.3)
    reek (6.0.3)
      kwalify (~> 0.7.0)
      parser (~> 3.0.0)
      psych (~> 3.1)
      rainbow (>= 2.0, < 4.0)
    regexp_parser (2.0.3)
    repo-small-badge (0.2.7)
      victor (~> 0.2.8)
    rexml (3.2.4)
    rubocop (1.9.1)
      parallel (~> 1.10)
      parser (>= 3.0.0.0)
      rainbow (>= 2.2.2, < 4.0)
      regexp_parser (>= 1.8, < 3.0)
      rexml
      rubocop-ast (>= 1.2.0, < 2.0)
      ruby-progressbar (~> 1.7)
      unicode-display_width (>= 1.4.0, < 3.0)
    rubocop-ast (1.4.1)
      parser (>= 2.7.1.5)
    ruby-progressbar (1.11.0)
    ruby_parser (3.15.1)
      sexp_processor (~> 4.9)
    rubycritic (4.6.0)
      flay (~> 2.8)
      flog (~> 4.4)
      launchy (>= 2.0.0)
      parser (>= 2.6.0)
      rainbow (~> 3.0)
      reek (~> 6.0, < 7.0)
      ruby_parser (~> 3.8)
      simplecov (>= 0.17.0, < 0.21)
      tty-which (~> 0.4.0)
      virtus (~> 1.0)
    rubycritic-small-badge (0.2.1)
      repo-small-badge (~> 0.2.7)
    sandi_meter (1.2.0)
      json
      launchy
      mixlib-cli
    sexp_processor (4.15.2)
    simplecov (0.20.0)
      docile (~> 1.1)
      simplecov-html (~> 0.11)
      simplecov_json_formatter (~> 0.1)
    simplecov-html (0.12.3)
    simplecov_json_formatter (0.1.2)
    test-unit (1.2.3)
      hoe (>= 1.5.1)
    thread_safe (0.3.6)
    tty-which (0.4.2)
    unicode-display_width (2.0.0)
    victor (0.2.8)
    virtus (1.0.5)
      axiom-types (~> 0.1)
      coercible (~> 1.0)
      descendants_tracker (~> 0.0, >= 0.0.3)
      equalizer (~> 0.0, >= 0.0.9)

PLATFORMS
  ruby

DEPENDENCIES
  minitest
  minitest-spec-context
  rake
  rubocop
  rubycritic
  rubycritic-small-badge
  sandi_meter
  test-unit (= 1.2.3)

BUNDLED WITH
   2.1.4
